GEM
  remote: https://rubygems.org/
  specs:
    addressable (2.5.2)
      public_suffix (>= 2.0.2, < 4.0)
    crass (1.0.3)
    desk_api (0.5.0)
      addressable
      faraday
      faraday_middleware
      hashie
      simple_oauth
    faraday (0.8.9)
      multipart-post (~> 1.2.0)
    faraday_middleware (0.12.2)
      faraday (>= 0.7.4, < 1.0)
    hashie (3.5.6)
    loofah (2.1.1)
      crass (~> 1.0.2)
      nokogiri (>= 1.5.9)
    mini_portile2 (2.3.0)
    multipart-post (1.2.0)
    nokogiri (1.8.1)
      mini_portile2 (~> 2.3.0)
    open_uri_redirections (0.1.4)
    public_suffix (3.0.1)
    rails-html-sanitizer (1.0.3)
      loofah (~> 2.0)
    rubyzip (1.1.0)
    simple_oauth (0.3.1)

PLATFORMS
  ruby

DEPENDENCIES
  desk_api (= 0.5.0)
  faraday (= 0.8.9)
  open_uri_redirections (= 0.1.4)
  rails-html-sanitizer
  rubyzip (= 1.1.0)

RUBY VERSION
   ruby 2.2.1p85

BUNDLED WITH
   1.15.4
